GEM
  remote: http://rubygems.org/
  specs:
    couchbase (1.0.0)
      yajl-ruby (~> 1.1.0)
    iobuffer (1.0.0)
    rev (0.3.2)
      iobuffer (>= 0.1.3)
    yajl-ruby (1.1.0)

PLATFORMS
  ruby

DEPENDENCIES
  couchbase (~> 1.0.0)
  rev (~> 0.3.2)
  yajl-ruby (~> 1.1.0)
