GEM
  remote: http://rubygems.org/
  specs:
    couchbase (1.2.0.z.beta)
      multi_json (~> 1.0)
      yaji (~> 0.3.2)
    iobuffer (1.1.2)
    multi_json (1.3.6)
    rev (0.3.2)
      iobuffer (>= 0.1.3)
    yaji (0.3.3)
    yajl-ruby (1.4.2)

PLATFORMS
  ruby

DEPENDENCIES
  couchbase (~> 1.2.0.z.beta)
  rev (~> 0.3)
  yajl-ruby (~> 1.4)
